GIT
  remote: https://github.com/clear-code/git-commit-mailer.git
  revision: 8d04eee55950faac4b6ca75645da2e8427ffc951
  specs:
    git-commit-mailer (1.0.4)

GIT
  remote: https://github.com/clear-code/github-web-hooks-receiver.git
  revision: 59b807ebbb2293ad92fab34d56227b46efeb950f
  specs:
    github-web-hooks-receiver (1.0.0)
      rack

GEM
  remote: https://rubygems.org/
  specs:
    archive-zip (0.7.0)
      io-like (~> 0.3.0)
    gqtp (1.0.6)
    groonga-client (0.1.6)
      gqtp (>= 1.0.4)
      groonga-command (>= 1.0.8)
    groonga-command (1.1.2)
      json
    io-like (0.3.0)
    json (1.8.3)
    pkg-config (1.1.6)
    rack (1.6.4)
    racknga (0.9.3)
      rack
      rroonga
    rroonga (5.0.3)
      archive-zip
      groonga-client (>= 0.0.3)
      json
      pkg-config

PLATFORMS
  ruby

DEPENDENCIES
  git-commit-mailer!
  github-web-hooks-receiver!
  racknga

BUNDLED WITH
   1.10.3
