GIT
  remote: https://github.com/clear-code/git-commit-mailer.git
  revision: b90b000eb8b4b703811c66a05b7cabdeab24fc6f
  specs:
    git-commit-mailer (1.0.4)

GIT
  remote: https://github.com/clear-code/github-web-hooks-receiver.git
  revision: b7370f8b4e39e6d03a00c4ff6783c6c63ac9baf5
  specs:
    github-web-hooks-receiver (1.0.0)
      rack

GEM
  remote: https://rubygems.org/
  specs:
    archive-zip (0.7.0)
      io-like (~> 0.3.0)
    ffi (1.9.8)
    ffi-yajl (2.2.0)
      libyajl2 (~> 1.2)
    gqtp (1.0.6)
    groonga-client (0.1.3)
      gqtp (>= 1.0.4)
      groonga-command (>= 1.0.8)
      groonga-command-parser
    groonga-command (1.1.2)
      json
    groonga-command-parser (1.0.4)
      ffi
      ffi-yajl
      groonga-command (>= 1.0.9)
    io-like (0.3.0)
    json (1.8.3)
    libyajl2 (1.2.0)
    pkg-config (1.1.6)
    rack (1.6.1)
    racknga (0.9.3)
      rack
      rroonga
    rroonga (5.0.2)
      archive-zip
      groonga-client (>= 0.0.3)
      json
      pkg-config

PLATFORMS
  ruby

DEPENDENCIES
  git-commit-mailer!
  github-web-hooks-receiver!
  racknga

BUNDLED WITH
   1.10.3
