GIT
  remote: https://github.com/clear-code/git-commit-mailer.git
  revision: 84f5fc7399de9edb9f5fee9439b8a0611f7d2a19
  specs:
    git-commit-mailer (1.0.4)
      diff-lcs

GIT
  remote: https://github.com/clear-code/github-web-hooks-receiver.git
  revision: bd345e7cf431fa2a68d941a9194b0180a86c815b
  specs:
    github-web-hooks-receiver (1.0.0)
      rack

GEM
  remote: https://rubygems.org/
  specs:
    archive-zip (0.7.0)
      io-like (~> 0.3.0)
    diff-lcs (1.2.5)
    gqtp (1.0.6)
    groonga-client (0.1.9)
      gqtp (>= 1.0.4)
      groonga-command (>= 1.0.8)
    groonga-command (1.1.3)
      json
    io-like (0.3.0)
    json (1.8.3)
    pkg-config (1.1.6)
    rack (1.6.4)
    racknga (0.9.3)
      rack
      rroonga
    rroonga (5.0.8)
      archive-zip
      groonga-client (>= 0.0.3)
      json
      pkg-config

PLATFORMS
  ruby

DEPENDENCIES
  git-commit-mailer!
  github-web-hooks-receiver!
  racknga

BUNDLED WITH
   1.10.6
