GIT
  remote: https://github.com/clear-code/git-commit-mailer.git
  revision: 92bc5ea13fc1f8fd4808ef7d264e3a2c5ac5e9b9
  specs:
    git-commit-mailer (1.0.4)

GIT
  remote: https://github.com/clear-code/github-web-hooks-receiver.git
  revision: a1a2ad13143d1325e3f066c87d0c40b2e388ea30
  specs:
    github-web-hooks-receiver (1.0.0)
      rack

GEM
  remote: https://rubygems.org/
  specs:
    archive-zip (0.7.0)
      io-like (~> 0.3.0)
    gqtp (1.0.6)
    groonga-client (0.1.6)
      gqtp (>= 1.0.4)
      groonga-command (>= 1.0.8)
    groonga-command (1.1.2)
      json
    io-like (0.3.0)
    json (1.8.3)
    pkg-config (1.1.6)
    rack (1.6.1)
    racknga (0.9.3)
      rack
      rroonga
    rroonga (5.0.3)
      archive-zip
      groonga-client (>= 0.0.3)
      json
      pkg-config

PLATFORMS
  ruby

DEPENDENCIES
  git-commit-mailer!
  github-web-hooks-receiver!
  racknga

BUNDLED WITH
   1.10.3
