GIT
  remote: https://github.com/clear-code/github-event-watcher.git
  revision: 68b2007b94f326034ae8ddc01f6fd41bfb62cd97
  specs:
    github-event-watcher (1.0.0)

GEM
  remote: https://rubygems.org/
  specs:

PLATFORMS
  ruby

DEPENDENCIES
  github-event-watcher!

BUNDLED WITH
   1.10.3
